GEM
  remote: https://rubygems.org/
  specs:
    addressable (2.3.5)
    ansi (1.4.3)
    boxen (2.1.0)
      ansi (~> 1.4)
      hiera (~> 1.0)
      highline (~> 1.6)
      json_pure (>= 1.7.7, < 2.0)
      librarian-puppet (~> 0.9.9)
      octokit (~> 2.3.0)
      puppet (~> 3.0)
    coderay (1.1.0)
    facter (1.7.4)
    faraday (0.8.8)
      multipart-post (~> 1.2.0)
    hiera (1.3.0)
      json_pure
    highline (1.6.20)
    json (1.8.1)
    json_pure (1.8.1)
    librarian-puppet (0.9.10)
      json
      thor (~> 0.15)
    method_source (0.8.2)
    multipart-post (1.2.0)
    octokit (2.3.1)
      sawyer (~> 0.5.1)
    pry (0.9.12.4)
      coderay (~> 1.0)
      method_source (~> 0.8)
      slop (~> 3.4)
    puppet (3.4.0)
      facter (~> 1.6)
      hiera (~> 1.0)
      rgen (~> 0.6.5)
    rgen (0.6.6)
    sawyer (0.5.2)
      addressable (~> 2.3.5)
      faraday (~> 0.8, < 0.10)
    slop (3.4.7)
    thor (0.18.1)

PLATFORMS
  ruby

DEPENDENCIES
  boxen
  octokit
  pry
